GEM
  remote: https://rubygems.org/
  remote: https://rails-assets.org/
  specs:
    backports (3.6.4)
    bcrypt (3.1.10)
    bcrypt (3.1.10-x64-mingw32)
    builder (3.2.2)
    celluloid (0.16.0)
      timers (~> 4.0.0)
    coffee-script (2.4.1)
      coffee-script-source
      execjs
    coffee-script-source (1.9.1.1)
    daemons (1.2.2)
    eventmachine (1.0.7)
    execjs (2.5.2)
    ffi (1.9.8)
    ffi (1.9.8-x64-mingw32)
    hike (1.2.3)
    hitimes (1.2.2)
    jwt (1.5.0)
    listen (2.10.0)
      celluloid (~> 0.16.0)
      rb-fsevent (>= 0.9.3)
      rb-inotify (>= 0.9)
    multi_json (1.11.0)
    puma (2.15.3)
    rack (1.6.1)
    rack-protection (1.5.3)
      rack
    rack-test (0.6.3)
      rack (>= 1.0)
    rails-assets-bootstrap-sass-official (3.2.0.2)
      rails-assets-jquery (>= 1.9.0)
    rails-assets-bootswatch-sass (3.3.1)
      rails-assets-bootstrap-sass-official (~> 3.2.0)
    rails-assets-jquery (2.1.4)
    rails-assets-knockoutjs (3.3.0)
    rake (10.4.2)
    rb-fsevent (0.9.4)
    rb-inotify (0.9.5)
      ffi (>= 0.5.0)
    rerun (0.10.0)
      listen (~> 2.7, >= 2.7.3)
    sass (3.4.15)
    sinatra (1.4.6)
      rack (~> 1.4)
      rack-protection (~> 1.4)
      tilt (>= 1.3, < 3)
    sinatra-asset-pipeline (0.7.0)
      coffee-script (~> 2.3)
      rake (~> 10.0)
      sass (~> 3.1)
      sinatra (~> 1.4)
      sprockets (~> 2.12)
      sprockets-helpers (~> 1.1)
      sprockets-sass (~> 1.2)
    sinatra-contrib (1.4.2)
      backports (>= 2.0)
      multi_json
      rack-protection
      rack-test
      sinatra (~> 1.4.0)
      tilt (~> 1.3)
    sprockets (2.12.3)
      hike (~> 1.2)
      multi_json (~> 1.0)
      rack (~> 1.0)
      tilt (~> 1.1, != 1.3.0)
    sprockets-helpers (1.2.0)
      sprockets (>= 2.2)
    sprockets-sass (1.3.1)
      sprockets (~> 2.0)
      tilt (~> 1.1)
    thin (1.6.3)
      daemons (~> 1.0, >= 1.0.9)
      eventmachine (~> 1.0)
      rack (~> 1.0)
    tilt (1.4.1)
    timers (4.0.1)
      hitimes
    twilio-ruby (4.1.0)
      builder (>= 2.1.2)
      jwt (~> 1.0)
      multi_json (>= 1.3.0)

PLATFORMS
  ruby
  x64-mingw32

DEPENDENCIES
  bcrypt
  puma
  rack
  rails-assets-bootswatch-sass!
  rails-assets-jquery!
  rails-assets-knockoutjs!
  rake
  rerun
  sinatra
  sinatra-asset-pipeline
  sinatra-contrib
  thin
  twilio-ruby
